GEM
  remote: https://rubygems.org/
  specs:
    backports (3.11.4)
    diff-lcs (1.3)
    hiredis (0.6.3)
    multi_json (1.13.1)
    mustermann (1.0.3)
    nest (3.1.1)
      redic
    ohm (3.1.1)
      nest (~> 3)
      redic (~> 1.5.0)
      stal
    pg (1.1.4)
    puma (3.12.0)
    rack (2.0.6)
    rack-cors (0.4.1)
    rack-protection (2.0.5)
      rack
    rake (12.3.2)
    redic (1.5.1)
      hiredis
    rmagick (2.16.0)
    rspec (3.8.0)
      rspec-core (~> 3.8.0)
      rspec-expectations (~> 3.8.0)
      rspec-mocks (~> 3.8.0)
    rspec-core (3.8.0)
      rspec-support (~> 3.8.0)
    rspec-expectations (3.8.2)
      diff-lcs (>= 1.2.0, < 2.0)
      rspec-support (~> 3.8.0)
    rspec-mocks (3.8.0)
      diff-lcs (>= 1.2.0, < 2.0)
      rspec-support (~> 3.8.0)
    rspec-support (3.8.0)
    sequel (5.16.0)
    sinatra (2.0.5)
      mustermann (~> 1.0)
      rack (~> 2.0)
      rack-protection (= 2.0.5)
      tilt (~> 2.0)
    sinatra-contrib (2.0.5)
      backports (>= 2.8.2)
      multi_json
      mustermann (~> 1.0)
      rack-protection (= 2.0.5)
      sinatra (= 2.0.5)
      tilt (>= 1.3, < 3)
    sqlite3 (1.3.13)
    stal (0.3.0)
      redic (~> 1.5)
    streamio-ffmpeg (3.0.2)
      multi_json (~> 1.8)
    tilt (2.0.9)

PLATFORMS
  ruby

DEPENDENCIES
  bundler (~> 1.13)
  ohm
  pg (~> 1.1)
  puma
  rack-cors (~> 0.4)
  rake (~> 12.0)
  rmagick (~> 2.16)
  rspec (~> 3.0)
  sequel (~> 5.0)
  sinatra (~> 2.0)
  sinatra-contrib
  sqlite3 (~> 1.3)
  streamio-ffmpeg

BUNDLED WITH
   1.17.2
